GEM
  remote: https://rubygems.org/
  specs:
    awesome_print (1.2.0)
    hirb (0.7.2)
    rake (10.1.1)
    will_paginate (3.0.7)

PLATFORMS
  ruby

DEPENDENCIES
  awesome_print
  hirb
  rake (~> 10.1.1)
  will_paginate (~> 3.0)
