GEM
  remote: https://rubygems.org/
  specs:
    activemodel (3.2.19)
      activesupport (= 3.2.19)
      builder (~> 3.0.0)
    activerecord (3.2.19)
      activemodel (= 3.2.19)
      activesupport (= 3.2.19)
      arel (~> 3.0.2)
      tzinfo (~> 0.3.29)
    activesupport (3.2.19)
      i18n (~> 0.6, >= 0.6.4)
      multi_json (~> 1.0)
    arel (3.0.3)
    awesome_nested_set (2.1.6)
      activerecord (>= 3.0.0)
    awesome_print (1.2.0)
    builder (3.0.4)
    celluloid (0.15.2)
      timers (~> 1.1.0)
    coderay (1.1.0)
    em-websocket (0.5.1)
      eventmachine (>= 0.12.9)
      http_parser.rb (~> 0.6.0)
    eventmachine (1.0.3)
    ffi (1.9.3)
    formatador (0.2.5)
    guard (2.6.1)
      formatador (>= 0.2.4)
      listen (~> 2.7)
      lumberjack (~> 1.0)
      pry (>= 0.9.12)
      thor (>= 0.18.1)
    guard-livereload (2.3.0)
      em-websocket (~> 0.5)
      guard (~> 2.0)
      multi_json (~> 1.8)
    guard-minitest (2.3.1)
      guard (~> 2.0)
      minitest (>= 3.0)
    hirb (0.7.2)
    http_parser.rb (0.6.0)
    i18n (0.6.11)
    libnotify (0.8.3)
      ffi (>= 1.0.11)
    listen (2.7.9)
      celluloid (>= 0.15.2)
      rb-fsevent (>= 0.9.3)
      rb-inotify (>= 0.9)
    lumberjack (1.0.9)
    method_source (0.8.2)
    minitest (5.4.0)
    multi_json (1.10.1)
    pry (0.10.0)
      coderay (~> 1.1.0)
      method_source (~> 0.8.1)
      slop (~> 3.4)
    rake (10.3.2)
    rb-fsevent (0.9.4)
    rb-inotify (0.9.5)
      ffi (>= 0.5.0)
    slop (3.6.0)
    thor (0.19.1)
    timers (1.1.0)
    tzinfo (0.3.40)

PLATFORMS
  ruby

DEPENDENCIES
  awesome_nested_set (= 2.1.6)
  awesome_print
  guard (~> 2.6.1)
  guard-livereload
  guard-minitest (~> 2.3.1)
  hirb
  libnotify
  rake (= 10.3.2)
